GEM
  remote: https://rubygems.org/
  specs:
    addressable (2.3.6)
    chunky_png (1.3.1)
    compass (0.12.6)
      chunky_png (~> 1.2)
      fssm (>= 0.2.7)
      sass (~> 3.2.19)
    css_parser (1.3.5)
      addressable
    fssm (0.2.10)
    sass (3.2.19)

PLATFORMS
  ruby

DEPENDENCIES
  compass
  css_parser
